PATH
  remote: .
  specs:
    tayne (0.1.0)
      parser (~> 2.6.5)
      ruby-llvm (= 8.0.0)
      sorbet-runtime (= 0.4.5133)

GEM
  remote: https://rubygems.org/
  specs:
    ast (2.4.0)
    coderay (1.1.2)
    ffi (1.10.0)
    method_source (0.9.2)
    parser (2.6.5.0)
      ast (~> 2.4.0)
    pry (0.12.2)
      coderay (~> 1.1.0)
      method_source (~> 0.9.0)
    rake (12.3.3)
    ruby-llvm (8.0.0)
      ffi (~> 1.10.0)
      rake (~> 12.0)
    sorbet (0.4.5133)
      sorbet-static (= 0.4.5133)
    sorbet-runtime (0.4.5133)
    sorbet-static (0.4.5133-universal-darwin-14)

PLATFORMS
  ruby

DEPENDENCIES
  bundler (~> 2.0)
  pry
  rake (~> 12.0)
  sorbet (= 0.4.5133)
  tayne!

BUNDLED WITH
   2.0.2
